PATH
  remote: .
  specs:
    googletrans (0.3.0)
      http (~> 4.0.0)

GEM
  remote: https://gems.ruby-china.com/
  specs:
    addressable (2.6.0)
      public_suffix (>= 2.0.2, < 4.0)
    codecov (0.1.15)
      json
      simplecov
      url
    diff-lcs (1.3)
    docile (1.3.2)
    domain_name (0.5.20180417)
      unf (>= 0.0.5, < 1.0.0)
    http (4.0.3)
      addressable (~> 2.3)
      http-cookie (~> 1.0)
      http-form_data (~> 2.0)
      http_parser.rb (~> 0.6.0)
    http-cookie (1.0.3)
      domain_name (~> 0.5)
    http-form_data (2.1.1)
    http_parser.rb (0.6.0)
    json (2.2.0)
    public_suffix (3.0.3)
    rake (13.0.0)
    rspec (3.8.0)
      rspec-core (~> 3.8.0)
      rspec-expectations (~> 3.8.0)
      rspec-mocks (~> 3.8.0)
    rspec-core (3.8.0)
      rspec-support (~> 3.8.0)
    rspec-expectations (3.8.2)
      diff-lcs (>= 1.2.0, < 2.0)
      rspec-support (~> 3.8.0)
    rspec-mocks (3.8.0)
      diff-lcs (>= 1.2.0, < 2.0)
      rspec-support (~> 3.8.0)
    rspec-support (3.8.0)
    simplecov (0.17.1)
      docile (~> 1.1)
      json (>= 1.8, < 3)
      simplecov-html (~> 0.10.0)
    simplecov-html (0.10.2)
    unf (0.1.4)
      unf_ext
    unf_ext (0.0.7.5)
    unf_ext (0.0.7.5-x64-mingw32)
    url (0.3.2)

PLATFORMS
  ruby
  x64-mingw32

DEPENDENCIES
  bundler (~> 2.0)
  codecov
  googletrans!
  http (~> 4.0.0)
  rake (~> 13.0)
  rspec (~> 3.0)

BUNDLED WITH
   2.0.1
